GEM
  remote: https://rubygems.org/
  specs:
    activesupport (5.1.4)
      concurrent-ruby (~> 1.0, >= 1.0.2)
      i18n (~> 0.7)
      minitest (~> 5.1)
      tzinfo (~> 1.1)
    addressable (2.5.2)
      public_suffix (>= 2.0.2, < 4.0)
    capybara (2.12.0)
      addressable
      mime-types (>= 1.16)
      nokogiri (>= 1.3.3)
      rack (>= 1.0.0)
      rack-test (>= 0.5.4)
      xpath (~> 2.0)
    cliver (0.3.2)
    coderay (1.1.2)
    concurrent-ruby (1.0.5)
    diff-lcs (1.3)
    docile (1.1.5)
    enumerable-lazy (0.0.2)
    erubi (1.6.1)
    ffi (1.9.18)
    haml (5.0.3)
      temple (>= 0.8.0)
      tilt
    i18n (0.8.6)
    json (2.0.3)
    mail (2.6.6)
      mime-types (>= 1.16, < 4)
    method_source (0.9.0)
    mime-types (2.99.3)
    mini_portile2 (2.1.0)
    minitest (5.10.3)
    moneta (0.8.1)
    multi_json (1.12.2)
    mustermann (1.0.1)
    mustermann19 (0.4.4)
      enumerable-lazy
    nokogiri (1.7.2)
      mini_portile2 (~> 2.1.0)
    padrino (0.14.1.1)
      padrino-admin (= 0.14.1.1)
      padrino-cache (= 0.14.1.1)
      padrino-core (= 0.14.1.1)
      padrino-gen (= 0.14.1.1)
      padrino-helpers (= 0.14.1.1)
      padrino-mailer (= 0.14.1.1)
      padrino-support (= 0.14.1.1)
    padrino-admin (0.14.1.1)
      padrino-core (= 0.14.1.1)
      padrino-helpers (= 0.14.1.1)
    padrino-cache (0.14.1.1)
      moneta (~> 0.8.0)
      padrino-core (= 0.14.1.1)
      padrino-helpers (= 0.14.1.1)
    padrino-core (0.14.1.1)
      mustermann19
      padrino-support (= 0.14.1.1)
      rack-protection (>= 1.5.0)
      sinatra (>= 1.4.6)
      thor (~> 0.18)
    padrino-gen (0.14.1.1)
      bundler (~> 1.0)
      padrino-core (= 0.14.1.1)
    padrino-helpers (0.14.1.1)
      i18n (~> 0.6, >= 0.6.7)
      padrino-support (= 0.14.1.1)
      tilt (>= 1.4.1, < 3)
    padrino-mailer (0.14.1.1)
      mail (~> 2.5)
      mime-types (< 3)
      padrino-core (= 0.14.1.1)
    padrino-support (0.14.1.1)
    poltergeist (1.13.0)
      capybara (~> 2.1)
      cliver (~> 0.3.1)
      websocket-driver (>= 0.2.0)
    pry (0.11.1)
      coderay (~> 1.1.0)
      method_source (~> 0.9.0)
    public_suffix (3.0.0)
    pygments.rb (1.2.0)
      multi_json (>= 1.0.0)
    rack (2.0.3)
    rack-protection (2.0.0)
      rack
    rack-test (0.7.0)
      rack (>= 1.0, < 3)
    rake (12.1.0)
    rb-fsevent (0.10.2)
    rb-inotify (0.9.10)
      ffi (>= 0.5.0, < 2)
    rspec (3.6.0)
      rspec-core (~> 3.6.0)
      rspec-expectations (~> 3.6.0)
      rspec-mocks (~> 3.6.0)
    rspec-core (3.6.0)
      rspec-support (~> 3.6.0)
    rspec-expectations (3.6.0)
      diff-lcs (>= 1.2.0, < 2.0)
      rspec-support (~> 3.6.0)
    rspec-mocks (3.6.0)
      diff-lcs (>= 1.2.0, < 2.0)
      rspec-support (~> 3.6.0)
    rspec-support (3.6.0)
    sass (3.5.1)
      sass-listen (~> 4.0.0)
    sass-listen (4.0.0)
      rb-fsevent (~> 0.9, >= 0.9.4)
      rb-inotify (~> 0.9, >= 0.9.7)
    simplecov (0.14.1)
      docile (~> 1.1.0)
      json (>= 1.8, < 3)
      simplecov-html (~> 0.10.0)
    simplecov-html (0.10.1)
    sinatra (2.0.0)
      mustermann (~> 1.0)
      rack (~> 2.0)
      rack-protection (= 2.0.0)
      tilt (~> 2.0)
    temple (0.8.0)
    thor (0.20.0)
    thread_safe (0.3.6)
    tilt (2.0.8)
    tzinfo (1.2.3)
      thread_safe (~> 0.1)
    websocket-driver (0.6.5)
      websocket-extensions (>= 0.1.0)
    websocket-extensions (0.1.2)
    xpath (2.0.0)
      nokogiri (~> 1.3)

PLATFORMS
  ruby

DEPENDENCIES
  activesupport
  capybara
  erubi (~> 1.6)
  haml
  padrino (= 0.14.1.1)
  poltergeist
  pry
  pygments.rb
  rack-test
  rake
  rspec
  sass
  simplecov

BUNDLED WITH
   1.16.0.pre.2
